GEM
  remote: http://rubygems.org/
  specs:
    json (1.7.5)
    kgio (2.7.4)
    open4 (1.3.0)
    rack (1.4.1)
    rack-protection (1.3.2)
      rack
    raindrops (0.10.0)
    rake (10.0.3)
    rake-remote_task (2.1.0)
      open4 (~> 1.0)
      rake (>= 0.8, < 11.0)
    sinatra (1.3.3)
      rack (~> 1.3, >= 1.3.6)
      rack-protection (~> 1.2)
      tilt (~> 1.3, >= 1.3.3)
    tilt (1.3.3)
    tiny_tds (0.5.1)
    unicorn (4.5.0)
      kgio (~> 2.6)
      rack
      raindrops (~> 0.7)
    vlad (2.3.1)
      rake (>= 0.8, < 11.0)
      rake-remote_task (~> 2.1)
    vlad-git (2.2.0)
      vlad (>= 2.1.0)
    vlad-nginx (1.0.0)
      vlad (~> 2)
    vlad-unicorn (2.2.0)
      vlad (~> 2.0)

PLATFORMS
  ruby

DEPENDENCIES
  json
  sinatra
  tiny_tds
  unicorn
  vlad
  vlad-git
  vlad-nginx
  vlad-unicorn
